GIT
  remote: https://github.com/jvranish/Unity.git
  revision: 36a5f501e10dbeee989a44eb42c31882da8a6d92
  specs:
    unity (1.0.0)

GEM
  remote: http://rubygems.org/
  specs:
    rake (10.3.2)
    test-unit (2.5.5)

PLATFORMS
  ruby

DEPENDENCIES
  rake
  test-unit (~> 2.4)
  unity!
